PATH
  remote: .
  specs:
    ultimate-base (0.2.1)

GEM
  remote: http://rubygems.org/
  specs:

PLATFORMS
  ruby

DEPENDENCIES
  ultimate-base!
